GEM
  remote: http://rubygems.org/
  specs:
    actionmailer (2.3.5)
      actionpack (= 2.3.5)
    actionpack (2.3.5)
      activesupport (= 2.3.5)
      rack (~> 1.0.0)
    activerecord (2.3.5)
      activesupport (= 2.3.5)
    activeresource (2.3.5)
      activesupport (= 2.3.5)
    activesupport (2.3.5)
    crack (0.1.8)
    httparty (0.6.1)
      crack (= 0.1.8)
    json (1.4.6)
    multipart (0.2.1)
    oauth (0.4.3)
    oauth-active-resource (0.4.5)
      activeresource
      multipart
      oauth (>= 0.3.6)
    pg (0.9.0)
    pg (0.9.0-x86-mingw32)
    rack (1.0.1)
    rails (2.3.5)
      actionmailer (= 2.3.5)
      actionpack (= 2.3.5)
      activerecord (= 2.3.5)
      activeresource (= 2.3.5)
      activesupport (= 2.3.5)
      rake (>= 0.8.3)
    rails-settings (1.0.0)
    rake (0.8.7)
    soundcloud-auth (0.1.2)
      oauth (>= 0.3.1)
      soundcloud-ruby-api-wrapper
    soundcloud-ruby-api-wrapper (0.4.8)
      oauth (>= 0.3.6)
      oauth-active-resource (>= 0.4.4)
    sqlite3-ruby (1.3.2)
    sqlite3-ruby (1.3.2-x86-mingw32)
    will_paginate (2.3.16)

PLATFORMS
  ruby
  x86-mingw32

DEPENDENCIES
  httparty
  json
  multipart
  oauth
  pg
  rails (= 2.3.5)
  rails-settings
  rake (= 0.8.7)
  soundcloud-auth
  sqlite3-ruby
  will_paginate (~> 2.3.16)
